GEM
  remote: https://rubygems.org/
  specs:
    chipmunk (6.1.3.4)
    gosu (1.1.1.1)
    hasu (0.1.7)
      gosu
    minigl (2.3.5)
      gosu (>= 0.11, < 2.0)

PLATFORMS
  ruby

DEPENDENCIES
  chipmunk
  gosu (>= 1.1.0)
  hasu
  minigl (>= 2.3.5)

RUBY VERSION
   ruby 2.6.3p62

BUNDLED WITH
   2.0.2
